GEM
  remote: https://rubygems.org/
  specs:
    csv (3.2.6)

PLATFORMS
  x86_64-darwin-20

DEPENDENCIES
  csv

BUNDLED WITH
   2.4.12
